{
	"Modality": "MR",
	"MagneticFieldStrength": 3,
	"ImagingFrequency": 123.26,
	"Manufacturer": "Siemens",
	"ManufacturersModelName": "Prisma_fit",
	"InstitutionName": "NU Tarpon",
	"InstitutionalDepartmentName": "RESEARCH",
	"InstitutionAddress": "ST. CLAIR 715,CHICAGO,CHICAGO,US,60611",
	"DeviceSerialNumber": "167018",
	"StationName": "MRC35013",
	"SeriesInstanceUID": "1.3.12.2.1107.5.2.43.167018.2021120312551261128954863.0.0.0",
	"StudyInstanceUID": "1.3.12.2.1107.5.2.43.167018.30000021120314125582700000007",
	"StudyID": "1",
	"PatientName": "C13",
	"PatientID": "C13",
	"PatientBirthDate": "2001-01-01",
	"PatientSex": "M",
	"PatientWeight": 92.9865,
	"BodyPartExamined": "BRAIN",
	"PatientPosition": "HFS",
	"ProcedureStepDescription": "BRIGHT^NIELSON",
	"SoftwareVersions": "syngo MR E11",
	"MRAcquisitionType": "2D",
	"SeriesDescription": "SC_handgrip_30_25_2000_1x1x3mm_ZOOMit",
	"ProtocolName": "SC_handgrip_30_25_2000_1x1x3mm_ZOOMit",
	"ScanningSequence": "EP",
	"SequenceVariant": "SK",
	"ScanOptions": "PFP\\FS",
	"SequenceName": "epfid2d1_44z",
	"ImageType": ["ORIGINAL", "PRIMARY", "M", "ND", "NORM", "MOSAIC"],
	"SeriesNumber": 10,
	"AcquisitionTime": "12:55:22.845000",
	"AcquisitionDateTime": "2021-12-03T12:55:22.845000",
	"AcquisitionNumber": 1,
	"SliceThickness": 3,
	"SpacingBetweenSlices": 3,
	"SAR": 0.0460208,
	"EchoTime": 0.03,
	"RepetitionTime": 2,
	"FlipAngle": 90,
	"PartialFourier": 0.75,
	"BaseResolution": 128,
	"ShimSetting": [
		806,
		-6809,
		-5535,
		-1304,
		403,
		2185,
		-668,
		-237	],
	"TxRefAmp": 347.821,
	"PhaseResolution": 1,
	"ReceiveCoilName": "HeadNeck_64",
	"ReceiveCoilActiveElements": "HC4,6,7;NC1,2;SP1,2",
	"PulseSequenceDetails": "%CustomerSeq%\\a_ep2d_S0out",
	"WipMemBlock": "C13_20211203_125511",
	"ConsistencyInfo": "N4_VE11C_LATEST_20160120",
	"PercentPhaseFOV": 34.375,
	"PercentSampling": 100,
	"EchoTrainLength": 33,
	"PhaseEncodingSteps": 33,
	"AcquisitionMatrixPE": 44,
	"ReconMatrixPE": 44,
	"BandwidthPerPixelPhaseEncode": 20.661,
	"EffectiveEchoSpacing": 0.00110001,
	"DerivedVendorReportedEchoSpacing": 0.00110001,
	"TotalReadoutTime": 0.0473004,
	"PixelBandwidth": 1030,
	"DwellTime": 3.8e-06,
	"PhaseEncodingDirection": "j-",
	"SliceTiming": [
		0,
		1.03,
		0.0775,
		1.1075,
		0.1575,
		1.1875,
		0.2375,
		1.2675,
		0.3175,
		1.345,
		0.395,
		1.425,
		0.475,
		1.505,
		0.555,
		1.5825,
		0.6325,
		1.6625,
		0.7125,
		1.7425,
		0.7925,
		1.82,
		0.87,
		1.9,
		0.95	],
	"ImageOrientationPatientDICOM": [
		1,
		2.66911e-07,
		-1.33273e-06,
		-6.93583e-08,
		0.989272,
		0.146083	],
	"InPlanePhaseEncodingDirectionDICOM": "COL",
	"ConversionSoftware": "dcm2niix",
	"ConversionSoftwareVersion": "v1.0.20210317"
}
