{
	"PatientName": "Anonymous",
			"BodyPartExamined": "CSPINE",
			"ScanningSequence": "EP",
			"SequenceVariant": "SK",
			"ScanOptions": "PFP\\SAT2\\FS ",
			"MRAcquisitionType": "2D",
			"SequenceName": "nEPfid2d1_128 ",
			"AngioFlag": "N ",
			"SliceThickness": 5,
			"RepetitionTime": 3.260,
			"EchoTime": 0.031,
			"NumberOfAverages": 1,
			"ImagingFrequency": 123.248925,
			"ImagedNucleus": "1H",
			"EchoNumbers": 1,
			"MagneticFieldStrength": 3,
			"SpacingBetweenSlices": 5,
			"NumberOfPhaseEncodingSteps": 112,
			"EchoTrainLength": 0,
			"PercentSampling": 100,
			"PercentPhaseFieldOfView": 100,
			"PixelBandwidth": 1220,
			"DeviceSerialNumber": "166093",
			"SoftwareVersions": "syngo MR E11",
			"ProtocolName": "14 ninEPI_bold_v12C_cs, kombi ",
			"TransmitCoilName": "Body",
			"AcquisitionMatrix": [128,0,0,128],
			"InPlanePhaseEncodingDirection": "COL ",
			"FlipAngle": 87
			
}