{
	"Modality": "MR",
	"MagneticFieldStrength": 3,
	"ImagingFrequency": 123.261,
	"Manufacturer": "Siemens",
	"ManufacturersModelName": "Prisma_fit",
	"InstitutionName": "NU Tarpon",
	"InstitutionalDepartmentName": "RESEARCH",
	"InstitutionAddress": "ST. CLAIR 715,CHICAGO,CHICAGO,US,60611",
	"DeviceSerialNumber": "167018",
	"StationName": "MRC35013",
	"BodyPartExamined": "CSPINE",
	"PatientPosition": "HFS",
	"ProcedureStepDescription": "BRIGHT^NIELSON",
	"SoftwareVersions": "syngo MR E11",
	"MRAcquisitionType": "2D",
	"SeriesDescription": "SC_handgrip_30_25_2000_1x1x3mm_ZOOMit",
	"ProtocolName": "SC_handgrip_30_25_2000_1x1x3mm_ZOOMit",
	"ScanningSequence": "EP",
	"SequenceVariant": "SK",
	"ScanOptions": "PFP\\FS",
	"SequenceName": "epfid2d1_44z",
	"ImageType": ["ORIGINAL", "PRIMARY", "M", "ND", "NORM", "MOSAIC"],
	"SeriesNumber": 10,
	"AcquisitionTime": "13:36:53.912500",
	"AcquisitionNumber": 1,
	"SliceThickness": 3,
	"SpacingBetweenSlices": 3,
	"SAR": 0.0551825,
	"EchoTime": 0.03,
	"RepetitionTime": 2,
	"FlipAngle": 90,
	"PartialFourier": 0.75,
	"BaseResolution": 128,
	"ShimSetting": [
		836,
		-6953,
		-5232,
		-2459,
		41,
		4168,
		-145,
		13	],
	"TxRefAmp": 331.356,
	"PhaseResolution": 1,
	"ReceiveCoilName": "HeadNeck_64",
	"ReceiveCoilActiveElements": "HC4,6,7;NC1,2;SP1,2",
	"PulseSequenceDetails": "%CustomerSeq%\\a_ep2d_S0out",
	"WipMemBlock": "Neilsen_C09_20210819_133631",
	"ConsistencyInfo": "N4_VE11C_LATEST_20160120",
	"PercentPhaseFOV": 34.375,
	"PercentSampling": 100,
	"EchoTrainLength": 33,
	"PhaseEncodingSteps": 33,
	"AcquisitionMatrixPE": 44,
	"ReconMatrixPE": 44,
	"BandwidthPerPixelPhaseEncode": 20.661,
	"EffectiveEchoSpacing": 0.00110001,
	"DerivedVendorReportedEchoSpacing": 0.00110001,
	"TotalReadoutTime": 0.0473004,
	"PixelBandwidth": 1030,
	"DwellTime": 3.8e-06,
	"PhaseEncodingDirection": "j-",
	"SliceTiming": [
		0,
		1.03,
		0.08,
		1.11,
		0.16,
		1.1875,
		0.2375,
		1.2675,
		0.3175,
		1.3475,
		0.3975,
		1.425,
		0.475,
		1.505,
		0.555,
		1.585,
		0.635,
		1.6625,
		0.7125,
		1.7425,
		0.7925,
		1.8225,
		0.8725,
		1.9,
		0.95	],
	"ImageOrientationPatientDICOM": [
		1,
		0,
		0,
		0,
		0.992546,
		0.121869	],
	"InPlanePhaseEncodingDirectionDICOM": "COL",
	"ConversionSoftware": "dcm2niix",
	"ConversionSoftwareVersion": "v1.0.20210317"
}
