{
	"Modality": "MR",
	"MagneticFieldStrength": 3,
	"ImagingFrequency": 123.262,
	"Manufacturer": "Siemens",
	"ManufacturersModelName": "Prisma_fit",
	"InstitutionName": "NU Tuna",
	"InstitutionalDepartmentName": "Department",
	"InstitutionAddress": "Fairbanks 710,Chicago ,Chicago,US,60611",
	"DeviceSerialNumber": "67034",
	"StationName": "MEDPC",
	"BodyPartExamined": "CSPINE",
	"PatientPosition": "HFS",
	"ProcedureStepDescription": "WEBER^CSPINE_KINEMATICS",
	"SoftwareVersions": "syngo MR D13D",
	"MRAcquisitionType": "2D",
	"SeriesDescription": "ep2d_ZOOMit_thermal1",
	"ProtocolName": "ep2d_ZOOMit_thermal1",
	"ScanningSequence": "EP",
	"SequenceVariant": "SK",
	"ScanOptions": "PFP\\FS",
	"SequenceName": "*epfid2d1_44z",
	"ImageType": ["ORIGINAL", "PRIMARY", "M", "ND", "NORM", "MOSAIC"],
	"NonlinearGradientCorrection": false,
	"SeriesNumber": 3,
	"AcquisitionTime": "16:54:26.432500",
	"AcquisitionNumber": 1,
	"SliceThickness": 3,
	"SpacingBetweenSlices": 3,
	"SAR": 0.0385068,
	"EchoTime": 0.03,
	"RepetitionTime": 2.5,
	"FlipAngle": 80,
	"PartialFourier": 0.75,
	"BaseResolution": 128,
	"ShimSetting": [
		2764,
		5982,
		-8129,
		-536,
		-258,
		1952,
		36,
		58	],
	"TxRefAmp": 297.406,
	"PhaseResolution": 1,
	"ReceiveCoilName": "HeadNeck_64",
	"ReceiveCoilActiveElements": "HC5-7;NC1,2",
	"PulseSequenceDetails": "%SiemensSeq%\\ep2d_bold",
	"CoilCombinationMethod": "Sum of Squares",
	"ConsistencyInfo": "N4_VD13D_LATEST_20130810",
	"MatrixCoilMode": "SENSE",
	"PercentPhaseFOV": 34.375,
	"PercentSampling": 100,
	"EchoTrainLength": 33,
	"PhaseEncodingSteps": 33,
	"AcquisitionMatrixPE": 44,
	"ReconMatrixPE": 44,
	"BandwidthPerPixelPhaseEncode": 20.661,
	"EffectiveEchoSpacing": 0.00110001,
	"DerivedVendorReportedEchoSpacing": 0.00110001,
	"TotalReadoutTime": 0.0473004,
	"PixelBandwidth": 1030,
	"DwellTime": 3.8e-06,
	"PhaseEncodingDirection": "j-",
	"SliceTiming": [
		0,
		1.28,
		0.08,
		1.36,
		0.16,
		1.44,
		0.24,
		1.52,
		0.32,
		1.6,
		0.4,
		1.68,
		0.48,
		1.76,
		0.56,
		1.84,
		0.64,
		1.92,
		0.72,
		2,
		0.8,
		2.08,
		0.88,
		2.16,
		0.96,
		2.24,
		1.04,
		2.32,
		1.12,
		2.4,
		1.2	],
	"ImageOrientationPatientDICOM": [
		1,
		0,
		0,
		0,
		0.978867,
		0.204496	],
	"ImageOrientationText": "Tra>Cor(11.8)",
	"InPlanePhaseEncodingDirectionDICOM": "COL",
	"ConversionSoftware": "dcm2niix",
	"ConversionSoftwareVersion": "v1.0.20220720"
}
