{
	"Modality": "MR",
	"MagneticFieldStrength": 3,
	"Manufacturer": "Siemens",
	"ManufacturersModelName": "Prisma",
	"InstitutionName": "SCMI_Balgrist_Campus",
	"InstitutionalDepartmentName": "SCMI",
	"InstitutionAddress": "Lengghalde_5_Zuerich_ZH_CH_8008",
	"DeviceSerialNumber": "166093",
	"StationName": "Prisma",
	"BodyPartExamined": "SPINE",
	"PatientPosition": "HFS",
	"ProcedureStepDescription": "lumbar_fMRI_sequences",
	"SoftwareVersions": "syngo_MR_E11",
	"MRAcquisitionType": "2D",
	"SeriesDescription": "ge_ep2d_zoomit_pf78_TE35_rs",
	"ProtocolName": "ge_ep2d_zoomit_pf78_TE35_rs",
	"ScanningSequence": "EP",
	"SequenceVariant": "SK_OSP",
	"ScanOptions": "PFP_FS",
	"SequenceName": "_epfid2d1_48z",
	"ImageType": ["ORIGINAL", "PRIMARY", "M", "ND", "MOSAIC"],
	"SeriesNumber": 41,
	"AcquisitionTime": "10:39:42.842500",
	"AcquisitionNumber": 1,
	"SliceThickness": 5,
	"SpacingBetweenSlices": 5,
	"SAR": 0.151679,
	"EchoTime": 0.035,
	"RepetitionTime": 1.29,
	"FlipAngle": 74,
	"PartialFourier": 0.875,
	"BaseResolution": 144,
	"ShimSetting": [
		2194,
		-8186,
		11704,
		1497,
		-353,
		313,
		-1324,
		298	],
	"TxRefAmp": 579.353,
	"PhaseResolution": 1,
	"PhaseOversampling": 0.25,
	"ReceiveCoilName": "Spine_32",
	"ReceiveCoilActiveElements": "SP2,3",
	"PulseSequenceDetails": "%SiemensSeq%_ep2d_bold",
	"ConsistencyInfo": "N4_VE11C_LATEST_20160120",
	"PercentPhaseFOV": 33.3333,
	"EchoTrainLength": 53,
	"PhaseEncodingSteps": 53,
	"AcquisitionMatrixPE": 48,
	"ReconMatrixPE": 48,
	"BandwidthPerPixelPhaseEncode": 17.921,
	"EffectiveEchoSpacing": 0.00116251,
	"DerivedVendorReportedEchoSpacing": 0.000930008,
	"TotalReadoutTime": 0.0546379,
	"PixelBandwidth": 1240,
	"DwellTime": 2.8e-06,
	"PhaseEncodingDirection": "j-",
	"SliceTiming": [
		0,
		0.6775,
		0.085,
		0.7625,
		0.17,
		0.8475,
		0.255,
		0.9325,
		0.34,
		1.0175,
		0.425,
		1.1,
		0.5075,
		1.185,
		0.5925	],
	"ImageOrientationPatientDICOM": [
		1,
		2.20531e-06,
		4.89056e-05,
		1.42349e-08,
		0.998972,
		-0.0453379	],
	"InPlanePhaseEncodingDirectionDICOM": "COL",
	"ConversionSoftware": "dcm2niix",
	"ConversionSoftwareVersion": "v1.0.20171215 (OpenJPEG build) GCC7.3.0"
}
