{
	"Modality": "MR",
	"MagneticFieldStrength": 3,
	"Manufacturer": "Siemens",
	"ManufacturersModelName": "TrioTim",
	"InstitutionName": "IUGM",
	"InstitutionalDepartmentName": "Department",
	"InstitutionAddress": "Chemin_Queen-Mary_4565_Montreal_District_CA_H3W_1W5",
	"DeviceSerialNumber": "35049",
	"StationName": "MRC35049",
	"PatientPosition": "HFS",
	"ProcedureStepDescription": "fMRI_Doyon",
	"SoftwareVersions": "syngo_MR_B17",
	"MRAcquisitionType": "2D",
	"SeriesDescription": "nin_ep2d_bold_vb10m_kombi_Zshim_RS1",
	"ProtocolName": "nin_ep2d_bold_vb10m_kombi_Zshim_RS1",
	"ScanningSequence": "EP",
	"SequenceVariant": "SK",
	"ScanOptions": "SAT2",
	"SequenceName": "ninepbo2d1_110",
	"ImageType": ["ORIGINAL", "PRIMARY", "M", "ND", "NORM", "MOSAIC"],
	"SeriesNumber": 14,
	"AcquisitionTime": "14:39:18.747500",
	"AcquisitionNumber": 1,
	"ImageComments": "NIN_Mosaic",
	"SliceThickness": 5,
	"SpacingBetweenSlices": 9,
	"SAR": 0.238426,
	"EchoTime": 0.033,
	"RepetitionTime": 3.2,
	"FlipAngle": 90,
	"PartialFourier": 1,
	"BaseResolution": 110,
	"ShimSetting": [
		-2300,
		-15057,
		-16612,
		-75,
		-16,
		-386,
		838,
		-93	],
	"TxRefAmp": 337.084,
	"PhaseResolution": 1,
	"ReceiveCoilName": "NeckMatrix",
	"PulseSequenceDetails": "%CustomerSeq%_nin_ep2d_bold_vb10m",
	"PercentPhaseFOV": 100,
	"PhaseEncodingSteps": 110,
	"AcquisitionMatrixPE": 110,
	"ReconMatrixPE": 110,
	"BandwidthPerPixelPhaseEncode": 24.57,
	"ParallelReductionFactorInPlane": 2,
	"EffectiveEchoSpacing": 0.00037,
	"DerivedVendorReportedEchoSpacing": 0.000740001,
	"TotalReadoutTime": 0.04033,
	"PixelBandwidth": 1263,
	"DwellTime": 3.6e-06,
	"PhaseEncodingDirection": "j-",
	"SliceTiming": [
		0.7775,
		0.6925,
		0.605,
		0.5175,
		0.4325,
		0.345,
		0.26,
		0.1725,
		0.0875,
		0	],
	"ImageOrientationPatientDICOM": [
		0.99942,
		-0.00749328,
		0.0332098,
		3.82955e-09,
		0.975477,
		0.220101	],
	"InPlanePhaseEncodingDirectionDICOM": "COL",
	"ConversionSoftware": "dcm2niix",
	"ConversionSoftwareVersion": "v1.0.20180622 GCC5.3.1"
}
