{
	"Modality": "MR",
	"MagneticFieldStrength": 3,
	"ImagingFrequency": 123.261,
	"Manufacturer": "Siemens",
	"ManufacturersModelName": "Prisma_fit",
	"InstitutionName": "NU_Tarpon",
	"InstitutionalDepartmentName": "RESEARCH",
	"InstitutionAddress": "ST._CLAIR_715_CHICAGO_CHICAGO_US_60611",
	"DeviceSerialNumber": "167018",
	"StationName": "MRC35013",
	"BodyPartExamined": "BRAIN",
	"PatientPosition": "HFS",
	"ProcedureStepDescription": "BRIGHT_NIELSON",
	"SoftwareVersions": "syngo_MR_E11",
	"MRAcquisitionType": "2D",
	"SeriesDescription": "SC_handgrip_30_25_2000_1x1x3mm_ZOOMit",
	"ProtocolName": "SC_handgrip_30_25_2000_1x1x3mm_ZOOMit",
	"ScanningSequence": "EP",
	"SequenceVariant": "SK",
	"ScanOptions": "PFP_FS",
	"SequenceName": "epfid2d1_32z",
	"ImageType": ["ORIGINAL", "PRIMARY", "M", "ND", "NORM", "MOSAIC"],
	"SeriesNumber": 6,
	"AcquisitionTime": "12:32:39.190000",
	"AcquisitionNumber": 1,
	"SliceThickness": 3,
	"SpacingBetweenSlices": 3,
	"SAR": 0.0341737,
	"EchoTime": 0.03,
	"RepetitionTime": 2,
	"FlipAngle": 90,
	"PartialFourier": 0.75,
	"BaseResolution": 128,
	"ShimSetting": [
		889,
		-6912,
		-5523,
		-486,
		-352,
		4089,
		-370,
		18	],
	"TxRefAmp": 301.578,
	"PhaseResolution": 1,
	"ReceiveCoilName": "HeadNeck_64",
	"ReceiveCoilActiveElements": "HC4,6,7;NC1,2;SP1,2",
	"CoilString": "HC4_6_7;NC1_2;SP1_2",
	"PulseSequenceDetails": "%CustomerSeq%_a_ep2d_S0out",
	"WipMemBlock": "C16_20220307_123221",
	"ConsistencyInfo": "N4_VE11C_LATEST_20160120",
	"PercentPhaseFOV": 25,
	"EchoTrainLength": 24,
	"PhaseEncodingSteps": 24,
	"AcquisitionMatrixPE": 32,
	"ReconMatrixPE": 32,
	"BandwidthPerPixelPhaseEncode": 27.902,
	"EffectiveEchoSpacing": 0.00111999,
	"DerivedVendorReportedEchoSpacing": 0.00111999,
	"TotalReadoutTime": 0.0347197,
	"PixelBandwidth": 1030,
	"DwellTime": 3.8e-06,
	"PhaseEncodingDirection": "j-",
	"SliceTiming": [
		0,
		1.03,
		0.08,
		1.1075,
		0.1575,
		1.1875,
		0.2375,
		1.2675,
		0.3175,
		1.345,
		0.395,
		1.425,
		0.475,
		1.505,
		0.555,
		1.5825,
		0.6325,
		1.6625,
		0.7125,
		1.7425,
		0.7925,
		1.82,
		0.87,
		1.9,
		0.95	],
	"ImageOrientationPatientDICOM": [
		0.999763,
		0.00676808,
		-0.0206947,
		-2.26652e-08,
		0.950462,
		0.310841	],
	"InPlanePhaseEncodingDirectionDICOM": "COL",
	"ConversionSoftware": "dcm2niix",
	"ConversionSoftwareVersion": "v1.0.20181125  Clang8.1.0"
}
