{
	"Modality": "MR",
	"MagneticFieldStrength": 3,
	"ImagingFrequency": 123.261,
	"Manufacturer": "Siemens",
	"ManufacturersModelName": "Prisma_fit",
	"InstitutionName": "NU Tarpon",
	"InstitutionalDepartmentName": "RESEARCH",
	"InstitutionAddress": "ST. CLAIR 715,CHICAGO,CHICAGO,US,60611",
	"DeviceSerialNumber": "167018",
	"StationName": "MRC35013",
	"SeriesInstanceUID": "1.3.12.2.1107.5.2.43.167018.2022052510513968378019831.0.0.0",
	"StudyInstanceUID": "1.3.12.2.1107.5.2.43.167018.30000022052514465379900000004",
	"StudyID": "1",
	"PatientName": "C23",
	"PatientID": "C23",
	"PatientBirthDate": "1991-01-01",
	"PatientSex": "F",
	"PatientWeight": 50.3488,
	"BodyPartExamined": "BRAIN",
	"PatientPosition": "HFS",
	"ProcedureStepDescription": "BRIGHT^NIELSEN",
	"SoftwareVersions": "syngo MR E11",
	"MRAcquisitionType": "2D",
	"SeriesDescription": "SC_handgrip_30_25_2000_1x1x3mm_ZOOMit",
	"ProtocolName": "SC_handgrip_30_25_2000_1x1x3mm_ZOOMit",
	"ScanningSequence": "EP",
	"SequenceVariant": "SK",
	"ScanOptions": "PFP\\FS",
	"SequenceName": "epfid2d1_44z",
	"ImageType": ["ORIGINAL", "PRIMARY", "M", "ND", "NORM", "MOSAIC"],
	"SeriesNumber": 6,
	"AcquisitionTime": "10:52:10.945000",
	"AcquisitionDateTime": "2022-05-25T10:52:10.945000",
	"AcquisitionNumber": 1,
	"SliceThickness": 3,
	"SpacingBetweenSlices": 3,
	"SAR": 0.0342468,
	"EchoTime": 0.03,
	"RepetitionTime": 2,
	"FlipAngle": 90,
	"PartialFourier": 0.75,
	"BaseResolution": 128,
	"ShimSetting": [
		918,
		-7030,
		-5294,
		-1285,
		-87,
		5150,
		-654,
		188	],
	"TxRefAmp": 247.249,
	"PhaseResolution": 1,
	"ReceiveCoilName": "HeadNeck_64",
	"ReceiveCoilActiveElements": "HC4,6,7;NC1,2;SP1,2",
	"PulseSequenceDetails": "%CustomerSeq%\\a_ep2d_S0out",
	"WipMemBlock": "C23_20220525_105138",
	"ConsistencyInfo": "N4_VE11C_LATEST_20160120",
	"PercentPhaseFOV": 34.375,
	"PercentSampling": 100,
	"EchoTrainLength": 33,
	"PhaseEncodingSteps": 33,
	"AcquisitionMatrixPE": 44,
	"ReconMatrixPE": 44,
	"BandwidthPerPixelPhaseEncode": 20.661,
	"EffectiveEchoSpacing": 0.00110001,
	"DerivedVendorReportedEchoSpacing": 0.00110001,
	"TotalReadoutTime": 0.0473004,
	"PixelBandwidth": 1030,
	"DwellTime": 3.8e-06,
	"PhaseEncodingDirection": "j-",
	"SliceTiming": [
		0,
		1.03,
		0.08,
		1.11,
		0.16,
		1.19,
		0.2375,
		1.2675,
		0.3175,
		1.3475,
		0.3975,
		1.4275,
		0.475,
		1.505,
		0.555,
		1.585,
		0.635,
		1.665,
		0.7125,
		1.7425,
		0.7925,
		1.8225,
		0.8725,
		1.9025,
		0.9525	],
	"ImageOrientationPatientDICOM": [
		0.999967,
		-0.00187863,
		0.00788559,
		-8.48977e-09,
		0.972775,
		0.23175	],
	"InPlanePhaseEncodingDirectionDICOM": "COL",
	"ConversionSoftware": "dcm2niix",
	"ConversionSoftwareVersion": "v1.0.20210317"
}
