{
	"Modality": "MR",
	"MagneticFieldStrength": 3,
	"Manufacturer": "Siemens",
	"ManufacturersModelName": "TrioTim",
	"InstitutionName": "IUGM",
	"InstitutionalDepartmentName": "Department",
	"InstitutionAddress": "Chemin_Queen-Mary_4565_Montreal_District_CA_H3W_1W5",
	"DeviceSerialNumber": "35049",
	"StationName": "MRC35049",
	"PatientPosition": "HFS",
	"ProcedureStepDescription": "fMRI_Doyon",
	"SoftwareVersions": "syngo_MR_B17",
	"MRAcquisitionType": "2D",
	"SeriesDescription": "nin_ep2d_bold_vb10m_kombi_Zshim_RS1",
	"ProtocolName": "nin_ep2d_bold_vb10m_kombi_Zshim_RS1",
	"ScanningSequence": "EP",
	"SequenceVariant": "SK",
	"ScanOptions": "SAT2",
	"SequenceName": "ninepbo2d1_110",
	"ImageType": ["ORIGINAL", "PRIMARY", "M", "ND", "NORM", "MOSAIC"],
	"SeriesNumber": 14,
	"AcquisitionTime": "17:13:25.472500",
	"AcquisitionNumber": 1,
	"ImageComments": "NIN_Mosaic",
	"SliceThickness": 3.5,
	"SpacingBetweenSlices": 3.5,
	"SAR": 0.292672,
	"EchoTime": 0.03,
	"RepetitionTime": 3.2,
	"FlipAngle": 90,
	"PartialFourier": 1,
	"BaseResolution": 110,
	"ShimSetting": [
		-2160,
		-14698,
		-17272,
		151,
		240,
		-39,
		147,
		31	],
	"TxRefAmp": 412.532,
	"PhaseResolution": 1,
	"ReceiveCoilName": "NeckMatrix",
	"PulseSequenceDetails": "%CustomerSeq%_nin_ep2d_bold_vb10m",
	"PercentPhaseFOV": 100,
	"PhaseEncodingSteps": 110,
	"AcquisitionMatrixPE": 110,
	"ReconMatrixPE": 110,
	"BandwidthPerPixelPhaseEncode": 24.57,
	"ParallelReductionFactorInPlane": 2,
	"EffectiveEchoSpacing": 0.00037,
	"DerivedVendorReportedEchoSpacing": 0.000740001,
	"TotalReadoutTime": 0.04033,
	"PixelBandwidth": 1515,
	"DwellTime": 3e-06,
	"PhaseEncodingDirection": "j-",
	"SliceTiming": [
		2.28,
		2.2125,
		2.145,
		2.08,
		2.0125,
		1.945,
		1.8775,
		1.81,
		1.7425,
		1.6775,
		1.61,
		1.5425,
		1.475,
		1.4075,
		1.34,
		1.275,
		1.2075,
		1.14,
		1.0725,
		1.005,
		0.9375,
		0.8725,
		0.805,
		0.7375,
		0.67,
		0.6025,
		0.535,
		0.47,
		0.4025,
		0.335,
		0.2675,
		0.2,
		0.1325,
		0.0675,
		0	],
	"ImageOrientationPatientDICOM": [
		1,
		-2e-16,
		0,
		2e-16,
		0.990748,
		-0.135716	],
	"InPlanePhaseEncodingDirectionDICOM": "COL",
	"ConversionSoftware": "dcm2niix",
	"ConversionSoftwareVersion": "v1.0.20180622 GCC5.3.1"
}
