{
	"Modality": "MR",
	"MagneticFieldStrength": 3,
	"ImagingFrequency": 123.26,
	"Manufacturer": "Siemens",
	"ManufacturersModelName": "Prisma_fit",
	"InstitutionName": "MPI CBS",
	"InstitutionalDepartmentName": "Department",
	"InstitutionAddress": "Stephanstrasse 1A,Leipzig,District,DE,04103",
	"DeviceSerialNumber": "67037",
	"StationName": "TRIOSYS",
	"BodyPartExamined": "HEADNECK",
	"PatientPosition": "HFS",
	"ProcedureStepDescription": "MPIL_Prisma^Studies",
	"SoftwareVersions": "syngo MR E11",
	"MRAcquisitionType": "2D",
	"SeriesDescription": "ninEPI_bold_v12B_zs_ZShimAuto_r05_p01_t40s_func",
	"ProtocolName": "ninEPI_bold_v12B_zs_ZShimAuto_r05_p01_t40s_func",
	"ScanningSequence": "EP",
	"SequenceVariant": "SK",
	"ScanOptions": "PFP\\SAT2\\FS",
	"SequenceName": "nEPfid2d1_128",
	"ImageType": ["ORIGINAL", "PRIMARY", "M", "ND", "NORM", "MOSAIC"],
	"SeriesNumber": 41,
	"AcquisitionTime": "15:28:49.895000",
	"AcquisitionNumber": 1,
	"SliceThickness": 5,
	"SpacingBetweenSlices": 5,
	"SAR": 0.225037,
	"EchoTime": 0.04,
	"RepetitionTime": 1.56,
	"FlipAngle": 72,
	"PartialFourier": 0.75,
	"BaseResolution": 128,
	"ShimSetting": [
		-5259,
		-8764,
		-5104,
		-333,
		385,
		3793,
		53,
		-101	],
	"TxRefAmp": 246.545,
	"PhaseResolution": 1,
	"ReceiveCoilName": "HeadNeck_64",
	"ReceiveCoilActiveElements": "HC7;NC1,2",
	"PulseSequenceDetails": "%CustomerSeq%\\ninEPI_bold_v12B_zs",
	"RefLinesPE": 36,
	"ConsistencyInfo": "N4_VE11E_LATEST_20181129",
	"PercentPhaseFOV": 100,
	"PercentSampling": 100,
	"PhaseEncodingSteps": 100,
	"AcquisitionMatrixPE": 128,
	"ReconMatrixPE": 128,
	"BandwidthPerPixelPhaseEncode": 16.801,
	"ParallelReductionFactorInPlane": 2,
	"EffectiveEchoSpacing": 0.000465002,
	"DerivedVendorReportedEchoSpacing": 0.000930004,
	"TotalReadoutTime": 0.0590553,
	"PixelBandwidth": 1220,
	"DwellTime": 3.2e-06,
	"PhaseEncodingDirection": "j-",
	"SliceTiming": [
		1.4625,
		1.365,
		1.2675,
		1.17,
		1.0725,
		0.975,
		0.8775,
		0.78,
		0.6825,
		0.585,
		0.4875,
		0.39,
		0.2925,
		0.195,
		0.0975,
		0	],
	"ImageOrientationPatientDICOM": [
		1,
		0,
		0,
		0,
		0.995725,
		0.0923706	],
	"InPlanePhaseEncodingDirectionDICOM": "COL",
	"ConversionSoftware": "dcm2niix",
	"ConversionSoftwareVersion": "v1.0.20210317"
}
