{
	"Manufacturer": "Siemens",
	"ManufacturersModelName": "Prisma",
	"EchoTrainLength": 27,
	"AcquisitionNumber": 1,
	"InstitutionName": "Fondation_Campus_Biotech_Geneva",
	"InstitutionAddress": "Chemin_des_Mines_9_Geneve_District_CH_1211",
	"DeviceSerialNumber": "66054",
	"SoftwareVersions": "syngo_MR_E11",
	"ProcedureStepDescription": "D.Van_de_Ville_Nawal",
	"ScanningSequence": "EP",
	"SequenceVariant": "SK_OSP",
	"SeriesDescription": "WA1b",
	"BodyPartExamined": "SPINE",
	"ProtocolName": "WA1b",
	"SequenceName": "_epfid2d1_48z",
	"ImageType": ["ORIGINAL", "PRIMARY", "M", "ND", "MOSAIC"],
	"AcquisitionTime": "11:09:19.202500",
	"MagneticFieldStrength": 3,
	"FlipAngle": 80,
	"EchoTime": 0.034,
	"RepetitionTime": 2.5,
	"PhaseEncodingLines": 48,
	"BandwidthPerPixelPhaseEncode": 31.447,
	"EffectiveEchoSpacing": 0.00066249,
	"TotalReadoutTime": 0.033787,
	"AccelFactPE": 2,
	"TrueEchoSpacing": 0.00132498,
	"SliceTiming": [
		0,
		0.0775,
		0.155,
		0.2325,
		0.31,
		0.3875,
		0.465,
		0.5425,
		0.62,
		0.6975,
		0.775,
		0.8525,
		0.93,
		1.0075,
		1.085,
		1.1625,
		1.24,
		1.3175,
		1.395,
		1.4725,
		1.55,
		1.6275,
		1.705,
		1.7825,
		1.86,
		1.9375,
		2.015,
		2.0925,
		2.17,
		2.2475,
		2.325,
		2.4025	],
	"PhaseEncodingDirection": "j-",
	"ConversionSoftware": "dcm2niix",
	"ConversionSoftwareVersion": "v1.0.20170724 (OpenJPEG build) Clang7.3.0"
}
