{
	"Modality": "MR",
	"MagneticFieldStrength": 3,
	"ImagingFrequency": 123.226,
	"Manufacturer": "Siemens",
	"ManufacturersModelName": "Prisma",
	"InstitutionName": "Fondation Campus Biotech Geneva",
	"InstitutionalDepartmentName": "Department",
	"InstitutionAddress": "Chemin des Mines 9,Geneve,District,CH,1211",
	"DeviceSerialNumber": "66054",
	"StationName": "AWP66054",
	"BodyPartExamined": "SPINE",
	"PatientPosition": "HFS",
	"ProcedureStepDescription": "D.Van de Ville^Nawal",
	"SoftwareVersions": "syngo MR E11",
	"MRAcquisitionType": "2D",
	"SeriesDescription": "zoom_TR2.5_Fov140_sli32_3mm_TE34_1",
	"ProtocolName": "zoom_TR2.5_Fov140_sli32_3mm_TE34_1",
	"ScanningSequence": "EP",
	"SequenceVariant": "SK\\OSP",
	"ScanOptions": "FS",
	"SequenceName": "*epfid2d1_46z",
	"ImageType": ["ORIGINAL", "PRIMARY", "M", "ND", "MOSAIC"],
	"SeriesNumber": 4,
	"AcquisitionTime": "10:56:33.025000",
	"AcquisitionNumber": 1,
	"SliceThickness": 3,
	"SpacingBetweenSlices": 3,
	"SAR": 0.0356771,
	"EchoTime": 0.034,
	"RepetitionTime": 2.5,
	"FlipAngle": 80,
	"PartialFourier": 1,
	"BaseResolution": 140,
	"ShimSetting": [
		-1217,
		-11477,
		6077,
		612,
		1748,
		2578,
		-197,
		225	],
	"TxRefAmp": 262.019,
	"PhaseResolution": 1,
	"PhaseOversampling": 0.1,
	"ReceiveCoilName": "Spine_32",
	"ReceiveCoilActiveElements": "HC7;NC1,2;SP1",
	"PulseSequenceDetails": "%SiemensSeq%\\ep2d_bold",
	"RefLinesPE": 24,
	"ConsistencyInfo": "N4_VE11C_LATEST_20160120",
	"PercentPhaseFOV": 32.8571,
	"PercentSampling": 100,
	"EchoTrainLength": 25,
	"PhaseEncodingSteps": 50,
	"AcquisitionMatrixPE": 46,
	"ReconMatrixPE": 46,
	"BandwidthPerPixelPhaseEncode": 32.68,
	"ParallelReductionFactorInPlane": 2,
	"EffectiveEchoSpacing": 0.000665212,
	"DerivedVendorReportedEchoSpacing": 0.00120948,
	"TotalReadoutTime": 0.0299345,
	"PixelBandwidth": 965,
	"DwellTime": 3.7e-06,
	"PhaseEncodingDirection": "j-",
	"SliceTiming": [
		1.24,
		0,
		1.3175,
		0.0775,
		1.395,
		0.155,
		1.4725,
		0.2325,
		1.55,
		0.31,
		1.6275,
		0.3875,
		1.705,
		0.465,
		1.7825,
		0.5425,
		1.86,
		0.62,
		1.9375,
		0.6975,
		2.015,
		0.775,
		2.0925,
		0.8525,
		2.17,
		0.93,
		2.2475,
		1.0075,
		2.325,
		1.085,
		2.4025,
		1.1625	],
	"ImageOrientationPatientDICOM": [
		1,
		0,
		0,
		0,
		0.918563,
		0.395274	],
	"InPlanePhaseEncodingDirectionDICOM": "COL",
	"ConversionSoftware": "dcm2niix",
	"ConversionSoftwareVersion": "v1.0.20210317"
}
