{
	"Modality": "MR",
	"MagneticFieldStrength": 3,
	"ImagingFrequency": 123.261,
	"Manufacturer": "Siemens",
	"ManufacturersModelName": "Prisma_fit",
	"InstitutionName": "NU Tarpon",
	"InstitutionalDepartmentName": "RESEARCH",
	"InstitutionAddress": "ST. CLAIR 715,CHICAGO,CHICAGO,US,60611",
	"DeviceSerialNumber": "167018",
	"StationName": "MRC35013",
	"SeriesInstanceUID": "1.3.12.2.1107.5.2.43.167018.202206101026388366814357.0.0.0",
	"StudyInstanceUID": "1.3.12.2.1107.5.2.43.167018.30000022060914404643300000016",
	"StudyID": "1",
	"PatientName": "C30",
	"PatientID": "C30",
	"PatientBirthDate": "1998-01-01",
	"PatientSex": "F",
	"PatientWeight": 65.7709,
	"BodyPartExamined": "BRAIN",
	"PatientPosition": "HFS",
	"ProcedureStepDescription": "BRIGHT^NIELSEN",
	"SoftwareVersions": "syngo MR E11",
	"MRAcquisitionType": "2D",
	"SeriesDescription": "SC_handgrip_30_25_2000_1x1x3mm_ZOOMit",
	"ProtocolName": "SC_handgrip_30_25_2000_1x1x3mm_ZOOMit",
	"ScanningSequence": "EP",
	"SequenceVariant": "SK",
	"ScanOptions": "PFP\\FS",
	"SequenceName": "epfid2d1_44z",
	"ImageType": ["ORIGINAL", "PRIMARY", "M", "ND", "NORM", "MOSAIC"],
	"SeriesNumber": 7,
	"AcquisitionTime": "10:26:44.905000",
	"AcquisitionDateTime": "2022-06-10T10:26:44.905000",
	"AcquisitionNumber": 1,
	"SliceThickness": 3,
	"SpacingBetweenSlices": 3,
	"SAR": 0.0301683,
	"EchoTime": 0.03,
	"RepetitionTime": 2,
	"FlipAngle": 90,
	"PartialFourier": 0.75,
	"BaseResolution": 128,
	"ShimSetting": [
		901,
		-6954,
		-5406,
		-494,
		631,
		2431,
		-785,
		136	],
	"TxRefAmp": 252.011,
	"PhaseResolution": 1,
	"ReceiveCoilName": "HeadNeck_64",
	"ReceiveCoilActiveElements": "HC4,6,7;NC1,2;SP1,2",
	"PulseSequenceDetails": "%CustomerSeq%\\a_ep2d_S0out",
	"WipMemBlock": "C30_20220610_102637",
	"ConsistencyInfo": "N4_VE11C_LATEST_20160120",
	"PercentPhaseFOV": 34.375,
	"PercentSampling": 100,
	"EchoTrainLength": 33,
	"PhaseEncodingSteps": 33,
	"AcquisitionMatrixPE": 44,
	"ReconMatrixPE": 44,
	"BandwidthPerPixelPhaseEncode": 20.661,
	"EffectiveEchoSpacing": 0.00110001,
	"DerivedVendorReportedEchoSpacing": 0.00110001,
	"TotalReadoutTime": 0.0473004,
	"PixelBandwidth": 1030,
	"DwellTime": 3.8e-06,
	"PhaseEncodingDirection": "j-",
	"SliceTiming": [
		0,
		1.03,
		0.08,
		1.11,
		0.16,
		1.1875,
		0.2375,
		1.2675,
		0.3175,
		1.3475,
		0.3975,
		1.425,
		0.475,
		1.505,
		0.555,
		1.585,
		0.635,
		1.665,
		0.7125,
		1.7425,
		0.7925,
		1.8225,
		0.8725,
		1.9025,
		0.95	],
	"ImageOrientationPatientDICOM": [
		0.999821,
		0.00479938,
		-0.018284,
		-6.93505e-08,
		0.967234,
		0.253886	],
	"InPlanePhaseEncodingDirectionDICOM": "COL",
	"ConversionSoftware": "dcm2niix",
	"ConversionSoftwareVersion": "v1.0.20210317"
}
