{
	"Modality": "MR",
	"MagneticFieldStrength": 3,
	"Manufacturer": "Siemens",
	"ManufacturersModelName": "TrioTim",
	"InstitutionName": "IUGM",
	"InstitutionalDepartmentName": "Department",
	"InstitutionAddress": "Chemin_Queen-Mary_4565_Montreal_District_CA_H3W_1W5",
	"DeviceSerialNumber": "35049",
	"StationName": "MRC35049",
	"PatientPosition": "HFS",
	"ProcedureStepDescription": "fMRI_Doyon",
	"SoftwareVersions": "syngo_MR_B17",
	"MRAcquisitionType": "2D",
	"SeriesDescription": "nin_ep2d_bold_vb10m_kombi_Zshim_RS1",
	"ProtocolName": "nin_ep2d_bold_vb10m_kombi_Zshim_RS1",
	"ScanningSequence": "EP",
	"SequenceVariant": "SK",
	"ScanOptions": "SAT2",
	"SequenceName": "ninepbo2d1_110",
	"ImageType": ["ORIGINAL", "PRIMARY", "M", "ND", "NORM", "MOSAIC"],
	"SeriesNumber": 13,
	"AcquisitionTime": "14:17:33.620000",
	"AcquisitionNumber": 1,
	"ImageComments": "NIN_Mosaic",
	"SliceThickness": 3.5,
	"SpacingBetweenSlices": 3.5,
	"SAR": 0.152942,
	"EchoTime": 0.03,
	"RepetitionTime": 3.05,
	"FlipAngle": 90,
	"PartialFourier": 1,
	"BaseResolution": 110,
	"ShimSetting": [
		-1764,
		-14821,
		-17426,
		405,
		-43,
		-94,
		561,
		10	],
	"TxRefAmp": 338.375,
	"PhaseResolution": 1,
	"ReceiveCoilName": "NeckMatrix",
	"PulseSequenceDetails": "%CustomerSeq%_nin_ep2d_bold_vb10m",
	"PercentPhaseFOV": 100,
	"PhaseEncodingSteps": 110,
	"AcquisitionMatrixPE": 110,
	"ReconMatrixPE": 110,
	"BandwidthPerPixelPhaseEncode": 24.57,
	"ParallelReductionFactorInPlane": 2,
	"EffectiveEchoSpacing": 0.00037,
	"DerivedVendorReportedEchoSpacing": 0.000740001,
	"TotalReadoutTime": 0.04033,
	"PixelBandwidth": 1515,
	"DwellTime": 3e-06,
	"PhaseEncodingDirection": "j-",
	"SliceTiming": [
		2.135,
		2.0675,
		2,
		1.935,
		1.8675,
		1.8,
		1.7325,
		1.6675,
		1.6,
		1.5325,
		1.4675,
		1.4,
		1.3325,
		1.2675,
		1.2,
		1.1325,
		1.0675,
		1,
		0.9325,
		0.8675,
		0.8,
		0.7325,
		0.6675,
		0.6,
		0.5325,
		0.465,
		0.4,
		0.3325,
		0.265,
		0.2,
		0.1325,
		0.065,
		0	],
	"ImageOrientationPatientDICOM": [
		1,
		2e-16,
		0,
		-2e-16,
		0.982613,
		-0.185667	],
	"InPlanePhaseEncodingDirectionDICOM": "COL",
	"ConversionSoftware": "dcm2niix",
	"ConversionSoftwareVersion": "v1.0.20180622 GCC5.3.1"
}
